PATH
  remote: .
  specs:
    fellowshipone (1.3.2)
      addressable
      faraday
      faraday_middleware
      hashie
      json
      simple_oauth

GEM
  remote: http://rubygems.org/
  specs:
    addressable (2.3.7)
    crack (0.4.2)
      safe_yaml (~> 1.0.0)
    faraday (0.11.0)
      multipart-post (>= 1.2, < 3)
    faraday_middleware (0.11.0.1)
      faraday (>= 0.7.4, < 1.0)
    hashie (3.5.5)
    json (2.0.3)
    minitest (5.5.1)
    multipart-post (2.0.0)
    rake (10.4.2)
    safe_yaml (1.0.4)
    simple_oauth (0.3.1)
    vcr (2.9.3)
    webmock (1.20.4)
      addressable (>= 2.3.6)
      crack (>= 0.3.2)

PLATFORMS
  ruby

DEPENDENCIES
  bundler
  fellowshipone!
  minitest
  rake
  vcr
  webmock

BUNDLED WITH
   1.13.7
